PATH
  remote: .
  specs:
    jekyll-theme-manpage (0.1.0)
      jekyll (~> 4.3)
      jekyll-feed (~> 0.17)
      jekyll-katex (~> 1.0)
      jekyll-seo-tag (~> 2.0)
      jekyll-sitemap (~> 1.4)
      jekyll-toc (~> 0.18)

GEM
  remote: https://rubygems.org/
  specs:
    activesupport (8.0.2)
      base64
      benchmark (>= 0.3)
      bigdecimal
      concurrent-ruby (~> 1.0, >= 1.3.1)
      connection_pool (>= 2.2.5)
      drb
      i18n (>= 1.6, < 2)
      logger (>= 1.4.2)
      minitest (>= 5.1)
      securerandom (>= 0.3)
      tzinfo (~> 2.0, >= 2.0.5)
      uri (>= 0.13.1)
    addressable (2.8.7)
      public_suffix (>= 2.0.2, < 7.0)
    ast (2.4.3)
    base64 (0.2.0)
    benchmark (0.4.0)
    bigdecimal (3.1.9)
    coffee-script (2.4.1)
      coffee-script-source
      execjs
    coffee-script-source (1.12.2)
    colorator (1.1.0)
    concurrent-ruby (1.3.5)
    connection_pool (2.5.0)
    csv (3.3.3)
    drb (2.2.1)
    em-websocket (0.5.3)
      eventmachine (>= 0.12.9)
      http_parser.rb (~> 0)
    ethon (0.16.0)
      ffi (>= 1.15.0)
    eventmachine (1.2.7)
    execjs (2.10.0)
    ffi (1.17.1-aarch64-linux-gnu)
    ffi (1.17.1-aarch64-linux-musl)
    ffi (1.17.1-arm-linux-gnu)
    ffi (1.17.1-arm-linux-musl)
    ffi (1.17.1-arm64-darwin)
    ffi (1.17.1-x86_64-darwin)
    ffi (1.17.1-x86_64-linux-gnu)
    ffi (1.17.1-x86_64-linux-musl)
    forwardable-extended (2.6.0)
    google-protobuf (4.30.2)
      bigdecimal
      rake (>= 13)
    google-protobuf (4.30.2-aarch64-linux)
      bigdecimal
      rake (>= 13)
    google-protobuf (4.30.2-arm64-darwin)
      bigdecimal
      rake (>= 13)
    google-protobuf (4.30.2-x86_64-darwin)
      bigdecimal
      rake (>= 13)
    google-protobuf (4.30.2-x86_64-linux)
      bigdecimal
      rake (>= 13)
    html-proofer (3.19.4)
      addressable (~> 2.3)
      mercenary (~> 0.3)
      nokogiri (~> 1.13)
      parallel (~> 1.10)
      rainbow (~> 3.0)
      typhoeus (~> 1.3)
      yell (~> 2.0)
    http_parser.rb (0.8.0)
    i18n (1.14.7)
      concurrent-ruby (~> 1.0)
    jekyll (4.4.1)
      addressable (~> 2.4)
      base64 (~> 0.2)
      colorator (~> 1.0)
      csv (~> 3.0)
      em-websocket (~> 0.5)
      i18n (~> 1.0)
      jekyll-sass-converter (>= 2.0, < 4.0)
      jekyll-watch (~> 2.0)
      json (~> 2.6)
      kramdown (~> 2.3, >= 2.3.1)
      kramdown-parser-gfm (~> 1.0)
      liquid (~> 4.0)
      mercenary (~> 0.3, >= 0.3.6)
      pathutil (~> 0.9)
      rouge (>= 3.0, < 5.0)
      safe_yaml (~> 1.0)
      terminal-table (>= 1.8, < 4.0)
      webrick (~> 1.7)
    jekyll-coffeescript (2.0.0)
      coffee-script (~> 2.2)
      coffee-script-source (~> 1.12)
    jekyll-feed (0.17.0)
      jekyll (>= 3.7, < 5.0)
    jekyll-katex (1.0.0)
      execjs (~> 2.7)
      jekyll (>= 3.6, < 5.0)
    jekyll-sass-converter (3.1.0)
      sass-embedded (~> 1.75)
    jekyll-seo-tag (2.8.0)
      jekyll (>= 3.8, < 5.0)
    jekyll-sitemap (1.4.0)
      jekyll (>= 3.7, < 5.0)
    jekyll-toc (0.19.0)
      jekyll (>= 3.9)
      nokogiri (~> 1.12)
    jekyll-watch (2.2.1)
      listen (~> 3.0)
    json (2.10.2)
    kramdown (2.5.1)
      rexml (>= 3.3.9)
    kramdown-parser-gfm (1.1.0)
      kramdown (~> 2.0)
    language_server-protocol (3.17.0.4)
    libv8 (3.16.14.19.1)
    libv8 (3.16.14.19.1-arm-linux)
    libv8 (3.16.14.19.1-universal-darwin)
    libv8 (3.16.14.19.1-x86_64-darwin)
    libv8 (3.16.14.19.1-x86_64-linux)
    lint_roller (1.1.0)
    liquid (4.0.4)
    listen (3.9.0)
      rb-fsevent (~> 0.10, >= 0.10.3)
      rb-inotify (~> 0.9, >= 0.9.10)
    logger (1.7.0)
    mercenary (0.4.0)
    minitest (5.25.5)
    nokogiri (1.18.6-aarch64-linux-gnu)
      racc (~> 1.4)
    nokogiri (1.18.6-aarch64-linux-musl)
      racc (~> 1.4)
    nokogiri (1.18.6-arm-linux-gnu)
      racc (~> 1.4)
    nokogiri (1.18.6-arm-linux-musl)
      racc (~> 1.4)
    nokogiri (1.18.6-arm64-darwin)
      racc (~> 1.4)
    nokogiri (1.18.6-x86_64-darwin)
      racc (~> 1.4)
    nokogiri (1.18.6-x86_64-linux-gnu)
      racc (~> 1.4)
    nokogiri (1.18.6-x86_64-linux-musl)
      racc (~> 1.4)
    parallel (1.26.3)
    parser (3.3.7.3)
      ast (~> 2.4.1)
      racc
    pathutil (0.16.2)
      forwardable-extended (~> 2.6)
    prism (1.4.0)
    public_suffix (6.0.1)
    racc (1.8.1)
    rack (3.1.12)
    rainbow (3.1.1)
    rake (13.2.1)
    rb-fsevent (0.11.2)
    rb-inotify (0.11.1)
      ffi (~> 1.0)
    ref (2.0.0)
    regexp_parser (2.10.0)
    rexml (3.4.1)
    rouge (4.5.1)
    rubocop (1.75.1)
      json (~> 2.3)
      language_server-protocol (~> 3.17.0.2)
      lint_roller (~> 1.1.0)
      parallel (~> 1.10)
      parser (>= 3.3.0.2)
      rainbow (>= 2.2.2, < 4.0)
      regexp_parser (>= 2.9.3, < 3.0)
      rubocop-ast (>= 1.43.0, < 2.0)
      ruby-progressbar (~> 1.7)
      unicode-display_width (>= 2.4.0, < 4.0)
    rubocop-ast (1.43.0)
      parser (>= 3.3.7.2)
      prism (~> 1.4)
    rubocop-github (0.23.0)
      rubocop (>= 1.72)
      rubocop-performance (>= 1.24)
      rubocop-rails (>= 2.23)
    rubocop-performance (1.24.0)
      lint_roller (~> 1.1)
      rubocop (>= 1.72.1, < 2.0)
      rubocop-ast (>= 1.38.0, < 2.0)
    rubocop-rails (2.30.3)
      activesupport (>= 4.2.0)
      lint_roller (~> 1.1)
      rack (>= 1.1)
      rubocop (>= 1.72.1, < 2.0)
      rubocop-ast (>= 1.38.0, < 2.0)
    ruby-progressbar (1.13.0)
    safe_yaml (1.0.5)
    sass-embedded (1.86.0-aarch64-linux-gnu)
      google-protobuf (~> 4.30)
    sass-embedded (1.86.0-aarch64-linux-musl)
      google-protobuf (~> 4.30)
    sass-embedded (1.86.0-arm-linux-gnueabihf)
      google-protobuf (~> 4.30)
    sass-embedded (1.86.0-arm-linux-musleabihf)
      google-protobuf (~> 4.30)
    sass-embedded (1.86.0-arm64-darwin)
      google-protobuf (~> 4.30)
    sass-embedded (1.86.0-x86_64-darwin)
      google-protobuf (~> 4.30)
    sass-embedded (1.86.0-x86_64-linux-gnu)
      google-protobuf (~> 4.30)
    sass-embedded (1.86.0-x86_64-linux-musl)
      google-protobuf (~> 4.30)
    securerandom (0.4.1)
    terminal-table (3.0.2)
      unicode-display_width (>= 1.1.1, < 3)
    therubyracer (0.12.3)
      libv8 (~> 3.16.14.15)
      ref
    typhoeus (1.4.1)
      ethon (>= 0.9.0)
    tzinfo (2.0.6)
      concurrent-ruby (~> 1.0)
    unicode-display_width (2.6.0)
    uri (1.0.3)
    w3c_validators (1.3.7)
      json (>= 1.8)
      nokogiri (~> 1.6)
      rexml (~> 3.2)
    webrick (1.9.1)
    yell (2.2.2)

PLATFORMS
  aarch64-linux
  aarch64-linux-musl
  arm-linux-gnu
  arm-linux-gnueabihf
  arm-linux-musl
  arm-linux-musleabihf
  arm64-darwin
  x86_64-darwin
  x86_64-linux
  x86_64-linux-gnu
  x86_64-linux-musl

DEPENDENCIES
  csv
  execjs
  html-proofer (~> 3.0)
  jekyll
  jekyll-coffeescript
  jekyll-feed (~> 0.17)
  jekyll-katex (~> 1.0)
  jekyll-seo-tag (~> 2.8)
  jekyll-sitemap (~> 1.4)
  jekyll-theme-manpage!
  jekyll-toc (~> 0.18)
  rubocop-github (~> 0.16)
  therubyracer (~> 0.12.2)
  w3c_validators (~> 1.3)

BUNDLED WITH
   2.6.6
